GEM
  remote: https://rubygems.org/
  specs:
    addressable (2.3.2)
    capistrano (2.13.5)
      highline
      net-scp (>= 1.0.0)
      net-sftp (>= 2.0.0)
      net-ssh (>= 2.0.14)
      net-ssh-gateway (>= 1.1.0)
    chunky_png (1.2.7)
    compass (0.12.2)
      chunky_png (~> 1.2)
      fssm (>= 0.2.7)
      sass (~> 3.1)
    diff-lcs (1.1.3)
    fssm (0.2.9)
    haml (3.1.7)
    hashie (1.2.0)
    heroku (2.25.0)
      launchy (>= 0.3.2)
      netrc (~> 0.7.1)
      rest-client (~> 1.6.1)
      rubyzip
    highline (1.6.15)
    i18n (0.6.4)
    launchy (2.1.2)
      addressable (~> 2.3)
    mime-types (1.19)
    money (5.1.1)
      i18n (~> 0.6.0)
    multi_json (1.7.2)
    net-scp (1.0.4)
      net-ssh (>= 1.99.1)
    net-sftp (2.0.5)
      net-ssh (>= 2.0.9)
    net-ssh (2.6.2)
    net-ssh-gateway (1.1.0)
      net-ssh (>= 1.99.1)
    netrc (0.7.7)
    psych (1.3.4)
    rack (1.4.1)
    rack-protection (1.3.2)
      rack
    rest-client (1.6.7)
      mime-types (>= 1.16)
    rspec (2.11.0)
      rspec-core (~> 2.11.0)
      rspec-expectations (~> 2.11.0)
      rspec-mocks (~> 2.11.0)
    rspec-core (2.11.1)
    rspec-expectations (2.11.3)
      diff-lcs (~> 1.1.3)
    rspec-mocks (2.11.3)
    rubyzip (0.9.9)
    rvm-capistrano (1.2.7)
      capistrano (>= 2.0.0)
    sass (3.2.5)
    shotgun (0.9)
      rack (>= 1.0)
    sinatra (1.3.3)
      rack (~> 1.3, >= 1.3.6)
      rack-protection (~> 1.2)
      tilt (~> 1.3, >= 1.3.3)
    stripe (1.8.1)
      multi_json (>= 1.0.4, < 2)
      rest-client (~> 1.4)
    tilt (1.3.3)

PLATFORMS
  ruby

DEPENDENCIES
  bundler
  capistrano
  compass (~> 0.12.2)
  haml (~> 3.1.7)
  hashie (~> 1.2.0)
  heroku (~> 2.25.0)
  money
  psych (~> 1.3.4)
  rack (~> 1.4.1)
  rspec (~> 2.11.0)
  rvm-capistrano
  sass (~> 3.2.5)
  shotgun
  sinatra (~> 1.3.2)
  stripe
